PATH
  remote: .
  specs:
    api_doc (0.0.1)

GEM
  remote: https://rubygems.org/
  specs:

PLATFORMS
  ruby

DEPENDENCIES
  api_doc!
